GEM
  remote: http://rubygems.org/
  specs:
    open4 (1.3.4)

PLATFORMS
  ruby

DEPENDENCIES
  open4

BUNDLED WITH
   1.15.0
